GEM
  remote: https://rubygems.org/
  specs:
    rake (10.3.2)
    sass (3.4.0)

PLATFORMS
  ruby

DEPENDENCIES
  rake
  sass
