GEM
  remote: https://rubygems.org/
  specs:
    rake (10.4.2)
    sass (3.4.9)

PLATFORMS
  ruby

DEPENDENCIES
  rake
  sass
