GEM
  remote: http://rubygems.org/
  specs:
    diff-lcs (1.1.3)
    facter (1.6.17)
    json (1.7.6)
    librarian-puppet-maestrodev (0.9.7.5)
      json
      puppet
      thor (~> 0.15)
    metaclass (0.0.1)
    mime-types (1.21)
    mocha (0.13.2)
      metaclass (~> 0.0.1)
    nokogiri (1.5.6)
    puppet (2.7.20)
      facter (~> 1.5)
    puppet-blacksmith (1.0.4)
      nokogiri
      puppet (>= 2.7.16)
      puppetlabs_spec_helper (>= 0.3.0)
      rake
      rest-client
    puppet-lint (0.1.13)
    puppetlabs_spec_helper (0.4.1)
      mocha (>= 0.10.5)
      rake
      rspec (>= 2.9.0)
      rspec-puppet (>= 0.1.1)
    rake (10.0.3)
    rest-client (1.6.7)
      mime-types (>= 1.16)
    rspec (2.12.0)
      rspec-core (~> 2.12.0)
      rspec-expectations (~> 2.12.0)
      rspec-mocks (~> 2.12.0)
    rspec-core (2.12.2)
    rspec-expectations (2.12.1)
      diff-lcs (~> 1.1.3)
    rspec-mocks (2.12.2)
    rspec-puppet (0.1.6)
      rspec
    thor (0.17.0)

PLATFORMS
  ruby

DEPENDENCIES
  librarian-puppet-maestrodev (>= 0.9.7.5)
  puppet (~> 2.7.17)
  puppet-blacksmith (>= 1.0.0)
  puppet-lint (~> 0.1.12)
  puppetlabs_spec_helper
  rake (>= 0.9.2.2)
  rspec-puppet (>= 0.1.3)
